PATH
  remote: .
  specs:
    em-priority-queue (1.1.0)
      algorithms (~> 0.3.0)
      eventmachine (>= 1.0.0.beta.3)

GEM
  remote: http://rubygems.org/
  specs:
    algorithms (0.3.0)
    chronic (0.6.6)
    delorean (1.1.1)
      chronic
    diff-lcs (1.1.2)
    eventmachine (1.0.0.beta.4)
    rake (0.9.2)
    rspec (2.6.0)
      rspec-core (~> 2.6.0)
      rspec-expectations (~> 2.6.0)
      rspec-mocks (~> 2.6.0)
    rspec-core (2.6.4)
    rspec-expectations (2.6.0)
      diff-lcs (~> 1.1.2)
    rspec-mocks (2.6.0)

PLATFORMS
  ruby

DEPENDENCIES
  delorean (>= 1.1.1)
  em-priority-queue!
  rake
  rspec
